GEM
  specs:
    rb-appscript (0.6.1)

PLATFORMS
  ruby

DEPENDENCIES
  rb-appscript
